PATH
  remote: ../..
  specs:
    kopilka (0.0.1)

GEM
  remote: https://rubygems.org/
  specs:

PLATFORMS
  arm64-darwin-21

DEPENDENCIES
  kopilka!

BUNDLED WITH
   2.3.7
